PATH
  remote: .
  specs:
    json-projection (0.1.2)

GEM
  remote: https://rubygems.org/
  specs:
    byebug (5.0.0)
      columnize (= 0.9.0)
    columnize (0.9.0)
    minitest (5.9.0)
    minitest-focus (1.1.2)
      minitest (>= 4, < 6)
    rake (11.2.2)

PLATFORMS
  ruby

DEPENDENCIES
  byebug (~> 5.0.0)
  json-projection!
  minitest (~> 5.9.0)
  minitest-focus (~> 1.1.2)
  rake (~> 11.2.2)

BUNDLED WITH
   1.12.5
